GEM
  remote: https://rubygems.org/
  specs:
    debase (0.2.4.1)
      debase-ruby_core_source (>= 0.10.2)
    debase-ruby_core_source (0.10.6)
    diff-lcs (1.3)
    rspec (3.9.0)
      rspec-core (~> 3.9.0)
      rspec-expectations (~> 3.9.0)
      rspec-mocks (~> 3.9.0)
    rspec-core (3.9.0)
      rspec-support (~> 3.9.0)
    rspec-expectations (3.9.0)
      diff-lcs (>= 1.2.0, < 2.0)
      rspec-support (~> 3.9.0)
    rspec-mocks (3.9.0)
      diff-lcs (>= 1.2.0, < 2.0)
      rspec-support (~> 3.9.0)
    rspec-support (3.9.0)

PLATFORMS
  ruby

DEPENDENCIES
  debase
  rspec

RUBY VERSION
   ruby 2.6.3p62

BUNDLED WITH
   1.17.3
